GEM
  remote: https://rubygems.org/
  specs:
    concurrent-ruby (0.8.0.pre2)
      ref (~> 1.0, >= 1.0.5)
    concurrent-ruby-ext (0.8.0.pre2)
      concurrent-ruby (~> 0.8.0.pre2)
    faker (1.4.3)
      i18n (~> 0.5)
    i18n (0.7.0)
    libv8 (3.11.8.17)
    rack (1.6.0)
    rack-protection (1.5.3)
      rack
    ref (1.0.5)
    sinatra (1.4.5)
      rack (~> 1.4)
      rack-protection (~> 1.4)
      tilt (~> 1.3, >= 1.3.4)
    therubyracer (0.11.0beta8)
      ref
    tilt (1.4.1)

PLATFORMS
  ruby

DEPENDENCIES
  concurrent-ruby-ext (= 0.8.0.pre2)
  faker
  libv8 (~> 3.11.8)
  sinatra
  therubyracer (= 0.11.0beta8)
