GEM
  remote: https://rubygems.org/
  specs:
    concurrent-ruby (0.8.0.pre1)
      ref (~> 1.0, >= 1.0.5)
    concurrent-ruby-ext (0.1.0.pre1)
      concurrent-ruby (~> 0.8.0.pre1)
    faker (1.4.3)
      i18n (~> 0.5)
    i18n (0.7.0)
    rack (1.6.0)
    rack-protection (1.5.3)
      rack
    ref (1.0.5)
    sinatra (1.4.5)
      rack (~> 1.4)
      rack-protection (~> 1.4)
      tilt (~> 1.3, >= 1.3.4)
    tilt (1.4.1)

PLATFORMS
  java
  ruby

DEPENDENCIES
  concurrent-ruby-ext (= 0.1.0.pre1)
  faker
  sinatra
